PATH
  remote: .
  specs:
    xlogin (0.3.1)

GEM
  remote: https://rubygems.org/
  specs:
    net-ssh (3.2.0)
    net-ssh-gateway (1.2.0)
      net-ssh (>= 2.6.5)
    rake (10.4.2)

PLATFORMS
  ruby

DEPENDENCIES
  bundler (~> 1.13)
  net-ssh-gateway
  rake (~> 10.0)
  xlogin!

BUNDLED WITH
   1.15.1
