PATH
  remote: .
  specs:
    xlogin (0.4.12)

GEM
  remote: https://rubygems.org/
  specs:
    net-ssh (4.1.0)
    net-ssh-gateway (2.0.0)
      net-ssh (>= 4.0.0)
    net-ssh-telnet (0.2.0)
      net-ssh (>= 2.0.1)
    net-telnet (0.1.1)
    rake (10.5.0)

PLATFORMS
  ruby

DEPENDENCIES
  bundler (~> 1.13)
  net-ssh-gateway
  net-ssh-telnet
  net-telnet
  rake (~> 10.0)
  xlogin!

BUNDLED WITH
   1.15.3
