PATH
  remote: .
  specs:
    xlogin (0.4.14)
      net-ssh
      net-ssh-gateway
      net-ssh-telnet
      net-telnet
      parallel

GEM
  remote: https://rubygems.org/
  specs:
    net-ssh (4.2.0)
    net-ssh-gateway (2.0.0)
      net-ssh (>= 4.0.0)
    net-ssh-telnet (0.2.1)
      net-ssh (>= 2.0.1)
    net-telnet (0.1.1)
    parallel (1.12.1)
    rake (10.5.0)

PLATFORMS
  ruby

DEPENDENCIES
  bundler (~> 1.13)
  rake (~> 10.0)
  xlogin!

BUNDLED WITH
   1.16.1
